GEM
  remote: https://rubygems.org/
  specs:
    actioncable (5.1.6)
      actionpack (= 5.1.6)
      nio4r (~> 2.0)
      websocket-driver (~> 0.6.1)
    actionmailer (5.1.6)
      actionpack (= 5.1.6)
      actionview (= 5.1.6)
      activejob (= 5.1.6)
      mail (~> 2.5, >= 2.5.4)
      rails-dom-testing (~> 2.0)
    actionpack (5.1.6)
      actionview (= 5.1.6)
      activesupport (= 5.1.6)
      rack (~> 2.0)
      rack-test (>= 0.6.3)
      rails-dom-testing (~> 2.0)
      rails-html-sanitizer (~> 1.0, >= 1.0.2)
    actionview (5.1.6)
      activesupport (= 5.1.6)
      builder (~> 3.1)
      erubi (~> 1.4)
      rails-dom-testing (~> 2.0)
      rails-html-sanitizer (~> 1.0, >= 1.0.3)
    activejob (5.1.6)
      activesupport (= 5.1.6)
      globalid (>= 0.3.6)
    activemodel (5.1.6)
      activesupport (= 5.1.6)
    activemodel-serializers-xml (1.0.2)
      activemodel (> 5.x)
      activesupport (> 5.x)
      builder (~> 3.1)
    activerecord (5.1.6)
      activemodel (= 5.1.6)
      activesupport (= 5.1.6)
      arel (~> 8.0)
    activesupport (5.1.6)
      concurrent-ruby (~> 1.0, >= 1.0.2)
      i18n (>= 0.7, < 2)
      minitest (~> 5.1)
      tzinfo (~> 1.1)
    addressable (2.5.2)
      public_suffix (>= 2.0.2, < 4.0)
    ansi (1.5.0)
    arel (8.0.0)
    ast (2.4.0)
    bcrypt (3.1.12)
    bindex (0.5.0)
    builder (3.2.3)
    bullet (5.7.6)
      activesupport (>= 3.0.0)
      uniform_notifier (~> 1.11.0)
    capybara (2.18.0)
      addressable
      mini_mime (>= 0.1.3)
      nokogiri (>= 1.3.3)
      rack (>= 1.0.0)
      rack-test (>= 0.5.4)
      xpath (>= 2.0, < 4.0)
    chartkick (3.0.1)
    childprocess (0.9.0)
      ffi (~> 1.0, >= 1.0.11)
    climate_control (0.2.0)
    coderay (1.1.2)
    concurrent-ruby (1.0.5)
    connection_pool (2.2.2)
    crass (1.0.4)
    devise (4.5.0)
      bcrypt (~> 3.0)
      orm_adapter (~> 0.1)
      railties (>= 4.1.0, < 6.0)
      responders
      warden (~> 1.2.3)
    discard (1.0.0)
      activerecord (>= 4.2, < 6)
    dotenv (2.5.0)
    dotenv-rails (2.5.0)
      dotenv (= 2.5.0)
      railties (>= 3.2, < 6.0)
    draper (3.0.1)
      actionpack (~> 5.0)
      activemodel (~> 5.0)
      activemodel-serializers-xml (~> 1.0)
      activesupport (~> 5.0)
      request_store (~> 1.0)
    erubi (1.7.1)
    et-orbi (1.1.5)
      tzinfo
    execjs (2.7.0)
    faraday (0.12.2)
      multipart-post (>= 1.2, < 3)
    ffi (1.9.25)
    font-awesome-rails (4.7.0.4)
      railties (>= 3.2, < 6.0)
    font-awesome-sass (4.7.0)
      sass (>= 3.2)
    fugit (1.1.5)
      et-orbi (~> 1.1, >= 1.1.3)
      raabro (~> 1.1)
    globalid (0.4.1)
      activesupport (>= 4.2.0)
    hashie (3.5.7)
    i18n (1.1.0)
      concurrent-ruby (~> 1.0)
    iso8601 (0.9.1)
    jquery-rails (4.3.3)
      rails-dom-testing (>= 1, < 3)
      railties (>= 4.2.0)
      thor (>= 0.14, < 2.0)
    jwt (1.5.6)
    launchy (2.4.3)
      addressable (~> 2.3)
    letter_opener (1.6.0)
      launchy (~> 2.2)
    listen (3.1.5)
      rb-fsevent (~> 0.9, >= 0.9.4)
      rb-inotify (~> 0.9, >= 0.9.7)
      ruby_dep (~> 1.2)
    loofah (2.2.2)
      crass (~> 1.0.2)
      nokogiri (>= 1.5.9)
    mail (2.7.0)
      mini_mime (>= 0.1.1)
    method_source (0.9.0)
    mime-types (3.2.2)
      mime-types-data (~> 3.2015)
    mime-types-data (3.2018.0812)
    mimemagic (0.3.2)
    mini_mime (1.0.1)
    mini_portile2 (2.3.0)
    minitest (5.11.3)
    multi_json (1.13.1)
    multi_xml (0.6.0)
    multipart-post (2.0.0)
    net_http_timeout_errors (0.3.3)
    nio4r (2.3.1)
    nokogiri (1.8.4)
      mini_portile2 (~> 2.3.0)
    oauth2 (1.4.0)
      faraday (>= 0.8, < 0.13)
      jwt (~> 1.0)
      multi_json (~> 1.3)
      multi_xml (~> 0.5)
      rack (>= 1.2, < 3)
    oga (2.15)
      ast
      ruby-ll (~> 2.1)
    omniauth (1.8.1)
      hashie (>= 3.4.6, < 3.6.0)
      rack (>= 1.6.2, < 3)
    omniauth-facebook (5.0.0)
      omniauth-oauth2 (~> 1.2)
    omniauth-google-oauth2 (0.5.3)
      jwt (>= 1.5)
      omniauth (>= 1.1.1)
      omniauth-oauth2 (>= 1.5)
    omniauth-oauth2 (1.5.0)
      oauth2 (~> 1.1)
      omniauth (~> 1.2)
    orm_adapter (0.5.0)
    paperclip (6.0.0)
      activemodel (>= 4.2.0)
      activesupport (>= 4.2.0)
      mime-types
      mimemagic (~> 0.3.0)
      terrapin (~> 0.6.0)
    pg (1.1.0)
    pg_search (2.1.2)
      activerecord (>= 4.2)
      activesupport (>= 4.2)
      arel (>= 6)
    pry (0.11.3)
      coderay (~> 1.1.0)
      method_source (~> 0.9.0)
    public_suffix (3.0.3)
    puma (3.12.0)
    pundit (2.0.0)
      activesupport (>= 3.0.0)
    raabro (1.1.6)
    rack (2.0.5)
    rack-protection (2.0.3)
      rack
    rack-test (1.1.0)
      rack (>= 1.0, < 3)
    rails (5.1.6)
      actioncable (= 5.1.6)
      actionmailer (= 5.1.6)
      actionpack (= 5.1.6)
      actionview (= 5.1.6)
      activejob (= 5.1.6)
      activemodel (= 5.1.6)
      activerecord (= 5.1.6)
      activesupport (= 5.1.6)
      bundler (>= 1.3.0)
      railties (= 5.1.6)
      sprockets-rails (>= 2.0.0)
    rails-dom-testing (2.0.3)
      activesupport (>= 4.2.0)
      nokogiri (>= 1.6)
    rails-html-sanitizer (1.0.4)
      loofah (~> 2.2, >= 2.2.2)
    railties (5.1.6)
      actionpack (= 5.1.6)
      activesupport (= 5.1.6)
      method_source
      rake (>= 0.8.7)
      thor (>= 0.18.1, < 2.0)
    rake (12.3.1)
    rb-fsevent (0.10.3)
    rb-inotify (0.9.10)
      ffi (>= 0.5.0, < 2)
    redis (4.0.2)
    request_store (1.4.1)
      rack (>= 1.4)
    responders (2.4.0)
      actionpack (>= 4.2.0, < 5.3)
      railties (>= 4.2.0, < 5.3)
    ruby-ll (2.1.2)
      ansi
      ast
    ruby_dep (1.5.0)
    rubyzip (1.2.1)
    rufus-scheduler (3.5.2)
      fugit (~> 1.1, >= 1.1.5)
    sass (3.5.7)
      sass-listen (~> 4.0.0)
    sass-listen (4.0.0)
      rb-fsevent (~> 0.9, >= 0.9.4)
      rb-inotify (~> 0.9, >= 0.9.7)
    sass-rails (5.0.7)
      railties (>= 4.0.0, < 6)
      sass (~> 3.1)
      sprockets (>= 2.8, < 4.0)
      sprockets-rails (>= 2.0, < 4.0)
      tilt (>= 1.1, < 3)
    selenium-webdriver (3.14.0)
      childprocess (~> 0.5)
      rubyzip (~> 1.2)
    sidekiq (5.2.1)
      connection_pool (~> 2.2, >= 2.2.2)
      rack-protection (>= 1.5.0)
      redis (>= 3.3.5, < 5)
    sidekiq-scheduler (3.0.0)
      redis (>= 3, < 5)
      rufus-scheduler (~> 3.2)
      sidekiq (>= 3)
      tilt (>= 1.4.0)
    simple_form (4.0.1)
      actionpack (>= 5.0)
      activemodel (>= 5.0)
    slim (3.0.9)
      temple (>= 0.7.6, < 0.9)
      tilt (>= 1.3.3, < 2.1)
    slim-rails (3.1.3)
      actionpack (>= 3.1)
      railties (>= 3.1)
      slim (~> 3.0)
    spring (2.0.2)
      activesupport (>= 4.2)
    spring-watcher-listen (2.0.1)
      listen (>= 2.7, < 4.0)
      spring (>= 1.2, < 3.0)
    sprockets (3.7.2)
      concurrent-ruby (~> 1.0)
      rack (> 1, < 3)
    sprockets-rails (3.2.1)
      actionpack (>= 4.0)
      activesupport (>= 4.0)
      sprockets (>= 3.0.0)
    temple (0.8.0)
    terrapin (0.6.0)
      climate_control (>= 0.0.3, < 1.0)
    thor (0.20.0)
    thread_safe (0.3.6)
    tilt (2.0.8)
    tzinfo (1.2.5)
      thread_safe (~> 0.1)
    uglifier (4.1.18)
      execjs (>= 0.3.0, < 3)
    uniform_notifier (1.11.0)
    video_info (2.7)
      iso8601 (~> 0.9.1)
      net_http_timeout_errors (~> 0.3.0)
      oga (~> 2.7)
    warden (1.2.7)
      rack (>= 1.0)
    web-console (3.6.2)
      actionview (>= 5.0)
      activemodel (>= 5.0)
      bindex (>= 0.4.0)
      railties (>= 5.0)
    websocket-driver (0.6.5)
      websocket-extensions (>= 0.1.0)
    websocket-extensions (0.1.3)
    wysiwyg-rails (2.6.6)
      font-awesome-sass (~> 4.4, >= 4.4.0)
      railties (>= 3.2, < 6.0)
    xpath (3.1.0)
      nokogiri (~> 1.8)

PLATFORMS
  ruby

DEPENDENCIES
  bullet
  capybara (~> 2.13)
  chartkick
  devise
  discard (~> 1.0)
  dotenv-rails
  draper
  font-awesome-rails
  jquery-rails
  letter_opener
  listen (>= 3.0.5, < 3.2)
  omniauth-facebook
  omniauth-google-oauth2
  paperclip (~> 6.0.0)
  pg (>= 0.18, < 2.0)
  pg_search
  pry
  puma (~> 3.7)
  pundit
  rails (~> 5.1.6)
  sass-rails
  selenium-webdriver
  sidekiq
  sidekiq-scheduler
  simple_form
  slim-rails
  spring
  spring-watcher-listen (~> 2.0.0)
  tzinfo-data
  uglifier (>= 1.3.0)
  video_info
  web-console (>= 3.3.0)
  wysiwyg-rails

BUNDLED WITH
   1.16.3
